GEM
  remote: https://rubygems.org/
  specs:
    dotenv (3.1.7)
    rake (13.2.1)

PLATFORMS
  aarch64-linux
  ruby

DEPENDENCIES
  dotenv
  rake

BUNDLED WITH
   2.5.11
